GEM
  remote: http://rubygems.org/
  specs:
    adsf (1.1.1)
      rack (>= 1.0.0)
    commonjs (0.2.5)
    cri (2.2.1)
    haml (3.1.4)
    less (2.1.0)
      commonjs (~> 0.2.0)
      therubyracer (~> 0.10.0)
    libv8 (3.3.10.4)
    nanoc (3.3.2)
      cri (~> 2.2)
    nokogiri (1.5.2)
    rack (1.4.1)
    rdiscount (1.6.8)
    rubypants (0.2.0)
    sass (3.1.15)
    slim (1.2.0)
      temple (~> 0.4.0)
      tilt (~> 1.3.3)
    systemu (2.5.0)
    temple (0.4.0)
    therubyracer (0.10.1)
      libv8 (~> 3.3.10)
    tilt (1.3.3)
    typogruby (1.0.15)
      rubypants

PLATFORMS
  ruby

DEPENDENCIES
  adsf
  haml
  less
  nanoc
  nokogiri (~> 1.5.2)
  rdiscount
  sass
  slim
  systemu
  typogruby
