GEM
  remote: http://rubygems.org/
  specs:
    adsf (1.1.1)
      rack (>= 1.0.0)
    commonjs (0.2.5)
    cri (2.2.1)
    haml (3.1.4)
    kramdown (0.13.5)
    less (2.1.0)
      commonjs (~> 0.2.0)
      therubyracer (~> 0.10.0)
    libv8 (3.3.10.4)
    nanoc (3.3.2)
      cri (~> 2.2)
    rack (1.4.1)
    systemu (2.5.0)
    therubyracer (0.10.1)
      libv8 (~> 3.3.10)

PLATFORMS
  ruby

DEPENDENCIES
  adsf
  haml
  kramdown
  less
  nanoc
  systemu
